PATH
  remote: .
  specs:
    static-site-builder (0.1.0)
      redcarpet (~> 3.4.0)
      thor (~> 0.20)

GEM
  remote: https://rubygems.org/
  specs:
    coderay (1.1.2)
    method_source (0.9.0)
    minitest (5.11.3)
    pry (0.11.3)
      coderay (~> 1.1.0)
      method_source (~> 0.9.0)
    rake (10.5.0)
    redcarpet (3.4.0)
    thor (0.20.0)

PLATFORMS
  ruby

DEPENDENCIES
  bundler (~> 1.15)
  minitest (~> 5.0)
  pry (~> 0.11)
  rake (~> 10.0)
  static-site-builder!

BUNDLED WITH
   1.16.0
